{
  "ConversionSoftware": "dicm2nii.m 20240821",
  "SeriesNumber": 5,
  "SeriesDescription": "2_EPI_tasks_2x2x3mm",
  "ImageType": [
    "ORIGINAL",
    "PRIMARY",
    "M",
    "ND",
    "NORM",
    "MOSAIC"
  ],
  "Modality": "MR",
  "AcquisitionDateTime": "20170628144912.285000",
  "TotalReadoutTime": 0.040968054,
  "SliceTiming": [0,0.07000000000000001,0.1375,0.205,0.2725,0.34,0.4075,0.475,0.545,0.6125,0.68,0.7475000000000001,0.8149999999999999,0.8825,0.95,1.0175,1.0875,1.155,1.2225,1.29,1.3575,1.425,1.4925,1.56,1.63,1.6975,1.765,1.8325,1.9,1.9675,2.035,2.1025,2.1725,2.24,2.3075,2.375,2.4425],
  "RepetitionTime": 2.5,
  "ParallelReductionFactorInPlane": 2,
  "ParallelAcquisitionTechnique": "GRAPPA",
  "ImageTypeText": "p2 M/ND/NORM/MOSAIC",
  "PhaseEncodingDirection": "j-",
  "EffectiveEchoSpacing": 0.00043124267,
  "EchoTime": 0.03,
  "PatientName": "SoDec_63",
  "PatientSex": "F",
  "PatientAge": "027Y",
  "PatientWeight": 65,
  "PatientPosition": "HFS",
  "SliceThickness": 3,
  "FlipAngle": 90,
  "Manufacturer": "SIEMENS",
  "SoftwareVersion": "syngo MR B17",
  "MRAcquisitionType": "2D",
  "InstitutionName": "Life u. Brain GmbH",
  "InstitutionAddress": "Sigmund-Freund-Strasse 25,Bonn,Koeln,DE,53127",
  "DeviceSerialNumber": "35083",
  "ScanningSequence": "EP",
  "SequenceVariant": "SK\\OSP",
  "ScanOptions": "FS",
  "SequenceName": "*epfid2d1_96",
  "TaskName": "respo"
}