{
  "Modality": "MR",
  "MagneticFieldStrength": 3,
  "ImagingFrequency": 123.212,
  "Manufacturer": "Siemens",
  "ManufacturersModelName": "TrioTim",
  "InstitutionName": "Life u. Brain GmbH",
  "InstitutionalDepartmentName": "Department",
  "InstitutionAddress": "Sigmund-Freund-Strasse 25,Bonn,Koeln,DE,53127",
  "DeviceSerialNumber": "35083",
  "StationName": "MRC35083",
  "PatientPosition": "HFS",
  "ProcedureStepDescription": "Sequenzen_LuB^NEMO",
  "SoftwareVersions": "syngo MR B17",
  "MRAcquisitionType": "2D",
  "SeriesDescription": "2_EPI_tasks_2x2x3mm",
  "ProtocolName": "2_EPI_tasks_2x2x3mm",
  "ScanningSequence": "EP",
  "SequenceVariant": "SK\\OSP",
  "ScanOptions": "FS",
  "SequenceName": "*epfid2d1_96",
  "ImageType": [
    "ORIGINAL",
    "PRIMARY",
    "M",
    "ND",
    "NORM",
    "MOSAIC"
  ],
  "NonlinearGradientCorrection": false,
  "SeriesNumber": 7,
  "AcquisitionTime": "17:13:33.307500",
  "AcquisitionNumber": 1,
  "SliceThickness": 3,
  "SpacingBetweenSlices": 3.3,
  "SAR": 0.165061,
  "EchoTime": 0.03,
  "RepetitionTime": 2.5,
  "FlipAngle": 90,
  "PartialFourier": 1,
  "BaseResolution": 96,
  "ShimSetting": [12674,-26977,11838,972,49,127,509,51],
  "TxRefAmp": 324.495,
  "PhaseResolution": 1,
  "PhaseOversampling": 0.25,
  "ReceiveCoilName": "32Ch_Head",
  "CoilString": "C:HEA;HEP",
  "PulseSequenceDetails": "%SiemensSeq%\\ep2d_bold",
  "RefLinesPE": 60,
  "CoilCombinationMethod": "Sum of Squares",
  "MatrixCoilMode": "GRAPPA",
  "PercentPhaseFOV": 100,
  "PercentSampling": 100,
  "PhaseEncodingSteps": 120,
  "AcquisitionMatrixPE": 96,
  "ReconMatrixPE": 96,
  "BandwidthPerPixelPhaseEncode": 24.155,
  "ParallelReductionFactorInPlane": 2,
  "EffectiveEchoSpacing": 0.000431243,
  "DerivedVendorReportedEchoSpacing": 0.000689988,
  "TotalReadoutTime": 0.0409681,
  "PixelBandwidth": 1680,
  "DwellTime": 3.1e-06,
  "PhaseEncodingDirection": "j-",
  "SliceTiming": [0,0.07000000000000001,0.1375,0.205,0.2725,0.34,0.4075,0.475,0.5425,0.6125,0.68,0.7475000000000001,0.8149999999999999,0.8825,0.95,1.0175,1.0875,1.155,1.2225,1.29,1.3575,1.425,1.4925,1.56,1.63,1.6975,1.765,1.8325,1.9,1.9675,2.035,2.1025,2.1725,2.24,2.3075,2.375,2.4425],
  "ImageOrientationPatientDICOM": [0.998019,-0.0463736,0.0425166,0.0503539,0.9939210000000001,-0.09790169999999999],
  "ImageOrientationText": "Tra>Cor(-5.7)>Sag(2.2)",
  "InPlanePhaseEncodingDirectionDICOM": "COL",
  "ConversionSoftware": "dcm2niix",
  "ConversionSoftwareVersion": "v1.0.20220720",
  "TaskName": "respo"
}