{
  "Modality": "MR",
  "MagneticFieldStrength": 3,
  "ImagingFrequency": 123.212,
  "Manufacturer": "Siemens",
  "ManufacturersModelName": "TrioTim",
  "InstitutionName": "Life u. Brain GmbH",
  "InstitutionalDepartmentName": "Department",
  "InstitutionAddress": "Sigmund-Freund-Strasse 25,Bonn,Koeln,DE,53127",
  "DeviceSerialNumber": "35083",
  "StationName": "MRC35083",
  "PatientPosition": "HFS",
  "ProcedureStepDescription": "Sequenzen_LuB^NEMO",
  "SoftwareVersions": "syngo MR B17",
  "MRAcquisitionType": "2D",
  "SeriesDescription": "2_EPI_tasks_2x2x3mm",
  "ProtocolName": "2_EPI_tasks_2x2x3mm",
  "ScanningSequence": "EP",
  "SequenceVariant": "SK\\OSP",
  "ScanOptions": "FS",
  "SequenceName": "*epfid2d1_96",
  "ImageType": [
    "ORIGINAL",
    "PRIMARY",
    "M",
    "ND",
    "NORM",
    "MOSAIC"
  ],
  "NonlinearGradientCorrection": false,
  "SeriesNumber": 5,
  "AcquisitionTime": "14:23:24.295000",
  "AcquisitionNumber": 1,
  "SliceThickness": 3,
  "SpacingBetweenSlices": 3.3,
  "SAR": 0.26151,
  "EchoTime": 0.03,
  "RepetitionTime": 2.5,
  "FlipAngle": 90,
  "PartialFourier": 1,
  "BaseResolution": 96,
  "ShimSetting": [12628,-26884,11692,492,-278,233,354,-9],
  "TxRefAmp": 427.151,
  "PhaseResolution": 1,
  "PhaseOversampling": 0.25,
  "ReceiveCoilName": "32Ch_Head",
  "CoilString": "C:HEA;HEP",
  "PulseSequenceDetails": "%SiemensSeq%\\ep2d_bold",
  "RefLinesPE": 60,
  "CoilCombinationMethod": "Sum of Squares",
  "MatrixCoilMode": "GRAPPA",
  "PercentPhaseFOV": 100,
  "PercentSampling": 100,
  "PhaseEncodingSteps": 120,
  "AcquisitionMatrixPE": 96,
  "ReconMatrixPE": 96,
  "BandwidthPerPixelPhaseEncode": 24.155,
  "ParallelReductionFactorInPlane": 2,
  "EffectiveEchoSpacing": 0.000431243,
  "DerivedVendorReportedEchoSpacing": 0.000689988,
  "TotalReadoutTime": 0.0409681,
  "PixelBandwidth": 1680,
  "DwellTime": 3.1e-06,
  "PhaseEncodingDirection": "j-",
  "SliceTiming": [0,0.0675,0.135,0.2025,0.27,0.34,0.4075,0.475,0.5425,0.61,0.6775,0.745,0.8125,0.8825,0.95,1.0175,1.085,1.1525,1.22,1.2875,1.355,1.425,1.4925,1.56,1.6275,1.695,1.7625,1.83,1.8975,1.9675,2.035,2.1025,2.17,2.2375,2.305,2.3725,2.4425],
  "ImageOrientationPatientDICOM": [0.998204,0.0239536,-0.0549183,-0.032593,0.986209,-0.162264],
  "ImageOrientationText": "Tra>Cor(-9.4)>Sag(-2.9)",
  "InPlanePhaseEncodingDirectionDICOM": "COL",
  "ConversionSoftware": "dcm2niix",
  "ConversionSoftwareVersion": "v1.0.20220720",
  "TaskName": "respo"
}