{
  "Modality": "MR",
  "MagneticFieldStrength": 3,
  "ImagingFrequency": 123.212,
  "Manufacturer": "Siemens",
  "ManufacturersModelName": "TrioTim",
  "InstitutionName": "Life u. Brain GmbH",
  "InstitutionalDepartmentName": "Department",
  "InstitutionAddress": "Sigmund-Freund-Strasse 25,Bonn,Koeln,DE,53127",
  "DeviceSerialNumber": "35083",
  "StationName": "MRC35083",
  "PatientPosition": "HFS",
  "ProcedureStepDescription": "Sequenzen_LuB^NEMO",
  "SoftwareVersions": "syngo MR B17",
  "MRAcquisitionType": "2D",
  "SeriesDescription": "2_EPI_tasks_2x2x3mm",
  "ProtocolName": "2_EPI_tasks_2x2x3mm",
  "ScanningSequence": "EP",
  "SequenceVariant": "SK\\OSP",
  "ScanOptions": "FS",
  "SequenceName": "*epfid2d1_96",
  "ImageType": [
    "ORIGINAL",
    "PRIMARY",
    "M",
    "ND",
    "NORM",
    "MOSAIC"
  ],
  "NonlinearGradientCorrection": false,
  "SeriesNumber": 3,
  "AcquisitionTime": "20:35:28.277500",
  "AcquisitionNumber": 1,
  "SliceThickness": 3,
  "SpacingBetweenSlices": 3.3,
  "SAR": 0.135412,
  "EchoTime": 0.03,
  "RepetitionTime": 2.5,
  "FlipAngle": 90,
  "PartialFourier": 1,
  "BaseResolution": 96,
  "ShimSetting": [12653,-27105,11643,733,13,-436,401,64],
  "TxRefAmp": 325.389,
  "PhaseResolution": 1,
  "PhaseOversampling": 0.25,
  "ReceiveCoilName": "32Ch_Head",
  "CoilString": "C:HEA;HEP",
  "PulseSequenceDetails": "%SiemensSeq%\\ep2d_bold",
  "RefLinesPE": 60,
  "CoilCombinationMethod": "Sum of Squares",
  "MatrixCoilMode": "GRAPPA",
  "PercentPhaseFOV": 100,
  "PercentSampling": 100,
  "PhaseEncodingSteps": 120,
  "AcquisitionMatrixPE": 96,
  "ReconMatrixPE": 96,
  "BandwidthPerPixelPhaseEncode": 24.155,
  "ParallelReductionFactorInPlane": 2,
  "EffectiveEchoSpacing": 0.000431243,
  "DerivedVendorReportedEchoSpacing": 0.000689988,
  "TotalReadoutTime": 0.0409681,
  "PixelBandwidth": 1680,
  "DwellTime": 3.1e-06,
  "PhaseEncodingDirection": "j-",
  "SliceTiming": [0,0.0675,0.135,0.2025,0.27,0.3375,0.405,0.4725,0.5425,0.61,0.6775,0.745,0.8125,0.88,0.9475,1.015,1.085,1.1525,1.22,1.2875,1.355,1.4225,1.49,1.5575,1.6275,1.695,1.7625,1.83,1.8975,1.965,2.0325,2.1,2.17,2.2375,2.305,2.3725,2.44],
  "ImageOrientationPatientDICOM": [0.9987510000000001,0.0372747,0.0332753,-0.0383279,0.998766,0.0315929],
  "ImageOrientationText": "Tra>Cor(1.9)>Sag(1.8)",
  "InPlanePhaseEncodingDirectionDICOM": "COL",
  "ConversionSoftware": "dcm2niix",
  "ConversionSoftwareVersion": "v1.0.20220720",
  "TaskName": "respo"
}